PATH
  remote: /home/mfojtik/code/core/server
  specs:
    deltacloud-core (1.1.3)
      aws (>= 2.7.0)
      cloudfiles
      cloudservers
      fog (>= 1.4.0)
      haml (>= 2.2.17)
      json_pure (>= 1.5.0)
      net-ssh (>= 2.0.0)
      nokogiri (>= 1.4.3)
      openstack (>= 1.0.9)
      rack (>= 1.0.0)
      rack-accept
      rake (>= 0.8.7)
      rbovirt (>= 0.0.19)
      rbvmomi
      rest-client
      savon (>= 1.0.0)
      sequel
      sinatra
      sinatra-rabbit (>= 1.1.6)
      sqlite3
      thin (>= 1.2.5)
      tilt
      uuidtools (>= 2.1.1)
      waz-storage (>= 1.1.0)

GEM
  remote: http://rubygems.org/
  specs:
    akami (1.2.0)
      gyoku (>= 0.4.0)
      nokogiri (>= 1.4.0)
    aws (2.9.1)
      http_connection
      uuidtools
      xml-simple
    builder (3.2.0)
    cloudfiles (1.5.0.1)
      json
    cloudservers (0.4.2)
      json
    daemons (1.1.9)
    eventmachine (1.0.3)
    excon (0.21.0)
    fog (1.11.1)
      builder
      excon (~> 0.20)
      formatador (~> 0.2.0)
      json (~> 1.7)
      mime-types
      net-scp (~> 1.1)
      net-ssh (>= 2.1.3)
      nokogiri (~> 1.5.0)
      ruby-hmac
    formatador (0.2.4)
    gyoku (1.0.0)
      builder (>= 2.1.2)
    haml (3.1.7)
    http_connection (1.4.4)
    httpi (2.0.2)
      rack
    json (1.7.5)
    json_pure (1.8.0)
    mime-types (1.19)
    net-scp (1.1.1)
      net-ssh (>= 2.6.5)
    net-ssh (2.6.7)
    nokogiri (1.5.5)
    nori (2.1.0)
    openstack (1.1.0)
      json
    rack (1.4.1)
    rack-accept (0.4.5)
      rack (>= 0.4)
    rack-protection (1.2.0)
      rack
    rake (10.0.4)
    rbovirt (0.0.19)
      nokogiri
      rest-client
    rbvmomi (1.6.0)
      builder
      nokogiri (>= 1.4.1)
      trollop
    rest-client (1.6.7)
      mime-types (>= 1.16)
    ruby-hmac (0.4.0)
    savon (2.2.0)
      akami (~> 1.2.0)
      builder (>= 2.1.2)
      gyoku (~> 1.0.0)
      httpi (~> 2.0.2)
      nokogiri (>= 1.4.0)
      nori (~> 2.1.0)
      wasabi (~> 3.1.0)
    sequel (3.46.0)
    sinatra (1.3.3)
      rack (~> 1.3, >= 1.3.6)
      rack-protection (~> 1.2)
      tilt (~> 1.3, >= 1.3.3)
    sinatra-rabbit (1.1.6)
      sinatra (>= 1.3.0)
    sqlite3 (1.3.7)
    thin (1.5.1)
      daemons (>= 1.0.9)
      eventmachine (>= 0.12.6)
      rack (>= 1.0.0)
    tilt (1.3.3)
    trollop (2.0)
    uuidtools (2.1.4)
    wasabi (3.1.0)
      httpi (~> 2.0)
      nokogiri (>= 1.4.0)
    waz-storage (1.3.6)
      rest-client
      ruby-hmac
    xml-simple (1.1.2)

PLATFORMS
  ruby

DEPENDENCIES
  deltacloud-core!
  haml
  json
  nokogiri
  rack-accept
  rest-client
  sinatra
